GEM
  remote: http://rubygems.org/
  specs:
    json (1.5.3)
    nokogiri (1.5.0)
    rack (1.3.0)
    sinatra (1.2.6)
      rack (~> 1.1)
      tilt (>= 1.2.2, < 2.0)
    tilt (1.3.2)
    xml-simple (1.1.0)

PLATFORMS
  ruby

DEPENDENCIES
  json
  nokogiri
  sinatra
  xml-simple
